GEM
  remote: http://rubygems.org/
  specs:
    sequel (3.33.0)
    sqlite3 (1.3.5)

PLATFORMS
  ruby

DEPENDENCIES
  sequel (~> 3.33)
  sqlite3 (~> 1.3)
